GEM
  remote: https://rubygems.org/
  specs:
    activesupport (7.0.3.1)
      concurrent-ruby (~> 1.0, >= 1.0.2)
      i18n (>= 1.6, < 2)
      minitest (>= 5.1)
      tzinfo (~> 2.0)
    concurrent-ruby (1.1.10)
    i18n (1.12.0)
      concurrent-ruby (~> 1.0)
    minitest (5.16.2)
    mustermann (1.0.2)
    rack (2.0.4)
    rack-protection (2.0.1)
      rack
    redcarpet (3.4.0)
    sinatra (2.0.1)
      mustermann (~> 1.0)
      rack (~> 2.0)
      rack-protection (= 2.0.1)
      tilt (~> 2.0)
    tilt (2.0.8)
    trollop (2.1.2)
    tzinfo (2.0.5)
      concurrent-ruby (~> 1.0)
    weaver (0.6.0)
      activesupport
      sinatra
      trollop

PLATFORMS
  ruby

DEPENDENCIES
  redcarpet
  weaver (~> 0.6)

BUNDLED WITH
   1.14.6
